GEM
  remote: http://rubygems.org/
  specs:
    beefcake (0.3.7)
    builder (3.2.0)
    concurrent-ruby (1.1.10)
    i18n (1.10.0)
      concurrent-ruby (~> 1.0)
    innertube (1.0.2)
    multi_json (1.7.4)
    riak-client (1.2.0)
      beefcake (~> 0.3.7)
      builder (>= 2.1.2)
      i18n (>= 0.4.0)
      innertube (~> 1.0.2)
      multi_json (~> 1.0)

PLATFORMS
  ruby

DEPENDENCIES
  riak-client
